GIT
  remote: git://github.com/dougbarth/jsonlint.git
  revision: 0562fb088ad407e450136e06dbe52342221c287f
  specs:
    jsonlint (0.2.0)
      oj (~> 2)
      trollop (~> 2)

PATH
  remote: .
  specs:
    linter (2.3.12)
      activesupport (~> 5.0)
      equivalent-xml
      erubis (~> 2.7)
      haml (~> 5.0)
      json-ld-preloaded (~> 2.0)
      linkeddata (~> 2.2)
      nokogiri (~> 1.7)
      nokogumbo (= 1.4.11)
      puma (~> 3.7)
      rack (~> 1.6)
      rack-cache (~> 1.6)
      rack-contrib (~> 1.4)
      rdf-reasoner (~> 0.4)
      rdf-vocab (~> 2.2)
      sass (~> 3.4)
      sinatra (~> 1.4)
      sinatra-asset-pipeline (~> 1.0)
      sinatra-linkeddata (~> 2.0)
      sprockets-helpers (~> 1.2)
      uglifier (~> 3.2)

GEM
  remote: https://rubygems.org/
  specs:
    activesupport (5.1.1)
      concurrent-ruby (~> 1.0, >= 1.0.2)
      i18n (~> 0.7)
      minitest (~> 5.1)
      tzinfo (~> 1.1)
    addressable (2.5.1)
      public_suffix (~> 2.0, >= 2.0.2)
    bcp47 (0.3.3)
      i18n
    better_errors (2.1.1)
      coderay (>= 1.0.0)
      erubis (>= 2.6.6)
      rack (>= 0.9.0)
    binding_of_caller (0.7.2)
      debug_inspector (>= 0.0.1)
    builder (3.2.3)
    byebug (9.0.6)
    coderay (1.1.1)
    coffee-script (2.4.1)
      coffee-script-source
      execjs
    coffee-script-source (1.12.2)
    concurrent-ruby (1.0.5)
    debug_inspector (0.0.3)
    diff-lcs (1.3)
    docile (1.1.5)
    ebnf (1.1.0)
      rdf (~> 2.0)
      sxp (~> 1.0)
    equivalent-xml (0.6.0)
      nokogiri (>= 1.4.3)
    erubis (2.7.0)
    execjs (2.7.0)
    foreman (0.84.0)
      thor (~> 0.19.1)
    git-version-bump (0.15.1)
    haml (5.0.1)
      temple (>= 0.8.0)
      tilt
    hamster (3.0.0)
      concurrent-ruby (~> 1.0)
    htmlentities (4.3.4)
    i18n (0.8.4)
    json (2.1.0)
    json-ld (2.1.4)
      multi_json (~> 1.12)
      rdf (~> 2.2)
    json-ld-preloaded (2.1.0)
      json-ld (~> 2.1)
      multi_json (~> 1.11)
      rdf (~> 2.2)
    ld-patch (0.3.1)
      ebnf (~> 1.0, >= 1.0.1)
      rdf (~> 2.0)
      rdf-xsd (~> 2.0)
      sparql (~> 2.0)
      sxp (~> 1.0)
    link_header (0.0.8)
    linkeddata (2.2.0)
      equivalent-xml (~> 0.6)
      json-ld (~> 2.1)
      ld-patch (~> 0.3)
      nokogiri (~> 1.7)
      rdf (~> 2.2)
      rdf-aggregate-repo (~> 2.1)
      rdf-isomorphic (~> 2.0)
      rdf-json (~> 2.0)
      rdf-microdata (~> 2.1)
      rdf-n3 (~> 2.1)
      rdf-rdfa (~> 2.1)
      rdf-rdfxml (~> 2.0)
      rdf-reasoner (~> 0.4)
      rdf-tabular (~> 2.2)
      rdf-trig (~> 2.0)
      rdf-trix (~> 2.0)
      rdf-turtle (~> 2.2)
      rdf-vocab (~> 2.1)
      rdf-xsd (~> 2.1)
      sparql (~> 2.1)
      sparql-client (~> 2.1)
    mini_portile2 (2.2.0)
    minitest (5.10.2)
    multi_json (1.12.1)
    net-http-persistent (2.9.4)
    nokogiri (1.8.0)
      mini_portile2 (~> 2.2.0)
    nokogumbo (1.4.11)
      nokogiri
    oj (2.18.5)
    public_suffix (2.0.5)
    puma (3.9.1)
    rack (1.6.8)
    rack-cache (1.7.0)
      rack (>= 0.4)
    rack-contrib (1.4.0)
      git-version-bump (~> 0.15)
      rack (~> 1.4)
    rack-linkeddata (2.0.0)
      linkeddata (~> 2.0)
      rack (~> 1.6)
    rack-protection (1.5.3)
      rack
    rack-test (0.6.3)
      rack (>= 1.0)
    rake (11.3.0)
    rdf (2.2.6)
      hamster (~> 3.0)
      link_header (~> 0.0, >= 0.0.8)
    rdf-aggregate-repo (2.2.0)
      rdf (~> 2.0)
    rdf-isomorphic (2.0.0)
      rdf (~> 2.0)
    rdf-json (2.0.0)
      rdf (~> 2.0)
    rdf-microdata (2.2.1)
      htmlentities (~> 4.3)
      nokogiri (~> 1.7)
      rdf (~> 2.2)
      rdf-xsd (~> 2.1)
    rdf-n3 (2.1.0)
      rdf (~> 2.0)
    rdf-rdfa (2.2.2)
      haml (~> 5.0)
      htmlentities (~> 4.3)
      rdf (~> 2.2)
      rdf-aggregate-repo (~> 2.2)
      rdf-xsd (~> 2.1)
    rdf-rdfxml (2.0.0)
      htmlentities (~> 4.3)
      rdf (~> 2.0)
      rdf-rdfa (~> 2.0)
      rdf-xsd (~> 2.0)
    rdf-reasoner (0.4.2)
      rdf (~> 2.2)
      rdf-vocab (~> 2.2)
      rdf-xsd (~> 2.1)
    rdf-tabular (2.2.0)
      addressable (~> 2.3)
      bcp47 (~> 0.3, >= 0.3.3)
      json-ld (~> 2.0)
      rdf (~> 2.1)
      rdf-vocab (~> 2.0)
      rdf-xsd (~> 2.0)
    rdf-trig (2.0.0)
      ebnf (~> 1.0, >= 1.0.1)
      rdf (~> 2.0)
      rdf-turtle (~> 2.0)
    rdf-trix (2.0.0)
      rdf (~> 2.0)
    rdf-turtle (2.2.0)
      ebnf (~> 1.1)
      rdf (~> 2.2)
    rdf-vocab (2.2.2)
      rdf (~> 2.2)
    rdf-xsd (2.1.0)
      rdf (~> 2.1)
    rspec (3.6.0)
      rspec-core (~> 3.6.0)
      rspec-expectations (~> 3.6.0)
      rspec-mocks (~> 3.6.0)
    rspec-core (3.6.0)
      rspec-support (~> 3.6.0)
    rspec-expectations (3.6.0)
      diff-lcs (>= 1.2.0, < 2.0)
      rspec-support (~> 3.6.0)
    rspec-its (1.2.0)
      rspec-core (>= 3.0.0)
      rspec-expectations (>= 3.0.0)
    rspec-mocks (3.6.0)
      diff-lcs (>= 1.2.0, < 2.0)
      rspec-support (~> 3.6.0)
    rspec-support (3.6.0)
    sass (3.4.24)
    shotgun (0.9.2)
      rack (>= 1.0)
    simplecov (0.14.1)
      docile (~> 1.1.0)
      json (>= 1.8, < 3)
      simplecov-html (~> 0.10.0)
    simplecov-html (0.10.1)
    sinatra (1.4.8)
      rack (~> 1.5)
      rack-protection (~> 1.4)
      tilt (>= 1.3, < 3)
    sinatra-asset-pipeline (1.0.2)
      coffee-script (~> 2.4)
      rake (~> 11.2)
      sass (~> 3.4)
      sinatra (~> 1.4)
      sprockets (~> 3.6)
      sprockets-helpers (~> 1.1)
    sinatra-linkeddata (2.0.0)
      rack-linkeddata (~> 2.0.0)
      sinatra (~> 1.4)
    sparql (2.2.0)
      builder (~> 3.2)
      ebnf (~> 1.1)
      rdf (~> 2.1)
      rdf-aggregate-repo (~> 2.0)
      rdf-xsd (~> 2.1)
      sparql-client (~> 2.0)
      sxp (~> 1.0)
    sparql-client (2.1.0)
      net-http-persistent (~> 2.9)
      rdf (~> 2.0)
    sprockets (3.7.1)
      concurrent-ruby (~> 1.0)
      rack (> 1, < 3)
    sprockets-helpers (1.2.1)
      sprockets (>= 2.2)
    sxp (1.0.0)
      rdf (~> 2.0)
    syntax (1.2.1)
    temple (0.8.0)
    thor (0.19.4)
    thread_safe (0.3.6)
    tilt (2.0.7)
    trollop (2.1.2)
    tzinfo (1.2.3)
      thread_safe (~> 0.1)
    uglifier (3.2.0)
      execjs (>= 0.3.0, < 3)
    yard (0.9.9)

PLATFORMS
  ruby

DEPENDENCIES
  better_errors
  binding_of_caller
  byebug
  foreman
  jsonlint!
  linter!
  rack-test (~> 0.6)
  rake
  rspec (~> 3.5)
  rspec-its (~> 1.2)
  shotgun (~> 0.9)
  simplecov
  syntax
  yard (~> 0.9)

RUBY VERSION
   ruby 2.4.1p111

BUNDLED WITH
   1.14.6
