PATH
  remote: .
  specs:
    linter (1.0.2)
      curb (>= 0.8.5)
      equivalent-xml
      erubis (>= 2.7.0)
      facets (>= 2.9.3)
      haml (>= 4.0.0)
      linkeddata (>= 1.1)
      nokogiri (>= 1.6.0)
      rack (>= 1.5.2)
      rack-cache (>= 1.2)
      sinatra (>= 1.4.4)
      sinatra-linkeddata (>= 1.1)

GEM
  remote: https://rubygems.org/
  specs:
    builder (3.2.2)
    byebug (2.5.0)
      columnize (~> 0.3.6)
      debugger-linecache (~> 1.2.0)
    columnize (0.3.6)
    curb (0.8.5)
    debugger-linecache (1.2.0)
    diff-lcs (1.2.5)
    ebnf (0.3.5)
      rdf
      sxp
    equivalent-xml (0.4.0)
      nokogiri (>= 1.4.3)
    erubis (2.7.0)
    facets (2.9.3)
    haml (4.0.4)
      tilt
    htmlentities (4.3.1)
    json (1.8.1)
    json-ld (1.1.0)
      rdf (>= 1.0.8)
    linkeddata (1.1.0)
      json-ld (>= 1.1.0)
      rdf (>= 1.1.0)
      rdf-isomorphic (>= 1.1.0)
      rdf-json (>= 1.1.0)
      rdf-microdata (>= 1.1.0)
      rdf-n3 (>= 1.1.0)
      rdf-rdfa (>= 1.1.0)
      rdf-rdfxml (>= 1.1.0)
      rdf-trig (>= 1.1.0)
      rdf-trix (>= 1.1.0)
      rdf-turtle (>= 1.1.0)
      sparql (>= 1.1.2)
      sparql-client (>= 1.1.0)
    mini_portile (0.5.2)
    net-http-persistent (2.9)
    nokogiri (1.6.1)
      mini_portile (~> 0.5.0)
    rack (1.5.2)
    rack-cache (1.2)
      rack (>= 0.4)
    rack-linkeddata (1.1.0)
      linkeddata (>= 1.1.0)
      rack (>= 1.4)
    rack-protection (1.5.1)
      rack
    rack-test (0.6.2)
      rack (>= 1.0)
    rake (10.1.1)
    rdf (1.1.1.1)
    rdf-aggregate-repo (1.1.0)
      rdf (>= 1.1)
    rdf-isomorphic (1.1.0)
      rdf (>= 1.1)
    rdf-json (1.1.0)
      rdf (>= 1.1.0)
    rdf-microdata (1.1.0)
      htmlentities (>= 4.3.0)
      rdf (>= 1.1.0)
      rdf-xsd (>= 1.1.0)
    rdf-n3 (1.1.0)
      rdf (>= 1.1)
    rdf-rdfa (1.1.0)
      haml (>= 4.0)
      htmlentities (>= 4.3.1)
      rdf (>= 1.1.0)
      rdf-xsd (>= 1.1)
    rdf-rdfxml (1.1.0)
      rdf (>= 1.1)
      rdf-xsd (>= 1.1)
    rdf-trig (1.1.2)
      ebnf (>= 0.3.5)
      rdf (>= 1.1.1.1)
      rdf-turtle (>= 1.1.2)
    rdf-trix (1.1.0)
      rdf (>= 1.1)
    rdf-turtle (1.1.2)
      ebnf (>= 0.3.5)
      rdf (>= 1.1.1.1)
    rdf-xsd (1.1.0)
      rdf (>= 1.1)
    rspec (2.14.1)
      rspec-core (~> 2.14.0)
      rspec-expectations (~> 2.14.0)
      rspec-mocks (~> 2.14.0)
    rspec-core (2.14.7)
    rspec-expectations (2.14.4)
      diff-lcs (>= 1.1.3, < 2.0)
    rspec-mocks (2.14.4)
    shotgun (0.9)
      rack (>= 1.0)
    sinatra (1.4.4)
      rack (~> 1.4)
      rack-protection (~> 1.4)
      tilt (~> 1.3, >= 1.3.4)
    sinatra-linkeddata (1.1.0)
      rack-linkeddata (>= 1.1.0)
      sinatra (>= 1.4.4)
    sparql (1.1.2.1)
      builder (>= 3.0)
      ebnf (>= 0.3.2)
      json (>= 1.7)
      rdf (>= 1.1.0)
      rdf-aggregate-repo (>= 1.1.0)
      rdf-xsd (>= 1.0.2)
      sparql-client (>= 1.1)
      sxp (>= 0.1.3)
    sparql-client (1.1.1)
      json (>= 1.8)
      net-http-persistent (>= 1.4)
      rdf (>= 1.1)
    sxp (0.1.4)
      json (>= 1.1.1)
    tilt (1.4.1)
    wirble (0.1.3)
    yard (0.8.7.3)

PLATFORMS
  ruby

DEPENDENCIES
  byebug
  linter!
  rack-test (>= 0.6.2)
  rake
  rspec (>= 2.14.0)
  shotgun (>= 0.9)
  sparql
  wirble
  yard (>= 0.8.7)
