GIT
  remote: git://github.com/ruby-rdf/rdf.git
  revision: 9475715f6cd9646eaf5e01de3ad641d1fe3eb829
  branch: develop
  specs:
    rdf (1.0.9)
      addressable (>= 2.3)

PATH
  remote: .
  specs:
    linter (1.0.2)
      curb (>= 0.8.5)
      equivalent-xml
      erubis (>= 2.7.0)
      facets (>= 2.9.3)
      haml (>= 4.0.0)
      json (>= 1.8)
      linkeddata (>= 1.0.9)
      nokogiri (>= 1.6.0)
      rack (>= 1.5.2)
      rack-cache (>= 1.2)
      sinatra (>= 1.4.2)
      sinatra-linkeddata (>= 1.0)

GEM
  remote: https://rubygems.org/
  specs:
    addressable (2.3.5)
    builder (3.2.2)
    columnize (0.3.6)
    curb (0.8.5)
    debugger (1.6.2)
      columnize (>= 0.3.1)
      debugger-linecache (~> 1.2.0)
      debugger-ruby_core_source (~> 1.2.3)
    debugger-linecache (1.2.0)
    debugger-ruby_core_source (1.2.3)
    diff-lcs (1.2.4)
    ebnf (0.3.1)
      rdf
      sxp
    equivalent-xml (0.3.0)
      nokogiri (>= 1.4.3)
    erubis (2.7.0)
    facets (2.9.3)
    haml (4.0.3)
      tilt
    htmlentities (4.3.1)
    json (1.8.1)
    json-ld (1.0.8.1)
      json (>= 1.7.5)
      rdf (>= 1.0.8)
    json_pure (1.8.1)
    linkeddata (1.0.9)
      json-ld (>= 1.0.7)
      rdf (>= 1.0.9)
      rdf-isomorphic (>= 1.0.2)
      rdf-json (>= 1.0)
      rdf-microdata (>= 1.0.2)
      rdf-n3 (>= 1.0.1)
      rdf-rdfa (>= 1.0.2)
      rdf-rdfxml (>= 1.0.2)
      rdf-trig (>= 1.0.3)
      rdf-trix (>= 1.0)
      rdf-turtle (>= 1.0.9)
    mini_portile (0.5.2)
    net-http-persistent (2.9)
    nokogiri (1.6.0)
      mini_portile (~> 0.5.0)
    rack (1.5.2)
    rack-cache (1.2)
      rack (>= 0.4)
    rack-linkeddata (1.0.0)
      linkeddata (>= 1.0)
      rack (>= 1.4.4)
    rack-protection (1.5.1)
      rack
    rack-test (0.6.2)
      rack (>= 1.0)
    rake (10.1.0)
    rdf-aggregate-repo (0.1.2)
      rdf (>= 1.0)
    rdf-isomorphic (1.0.2)
      rdf (>= 1.0)
    rdf-json (1.0.0)
      json_pure (>= 1.4)
      rdf (>= 1.0)
    rdf-microdata (1.0.2.1)
      htmlentities (>= 4.3.0)
      json (>= 1.7.7)
      rdf (>= 1.0.7)
      rdf-xsd (>= 1.0)
    rdf-n3 (1.0.2)
      rdf (>= 1.0.7)
    rdf-rdfa (1.0.2)
      haml (>= 4.0)
      htmlentities (>= 4.3.1)
      rdf (>= 1.0.5)
      rdf-xsd (>= 1.0)
    rdf-rdfxml (1.0.2)
      rdf (>= 1.0)
      rdf-xsd (>= 1.0)
    rdf-trig (1.0.3)
      ebnf (>= 0.3.0)
      rdf (>= 1.0.7)
      rdf-turtle (>= 1.0.9)
    rdf-trix (1.0.0)
      rdf (>= 1.0)
    rdf-turtle (1.0.9)
      ebnf (>= 0.3.0)
      rdf (>= 1.0.7)
    rdf-xsd (1.0.2.1)
      nokogiri (>= 1.5.0)
      rdf (>= 0.3.4)
    rspec (2.14.1)
      rspec-core (~> 2.14.0)
      rspec-expectations (~> 2.14.0)
      rspec-mocks (~> 2.14.0)
    rspec-core (2.14.6)
    rspec-expectations (2.14.3)
      diff-lcs (>= 1.1.3, < 2.0)
    rspec-mocks (2.14.4)
    shotgun (0.9)
      rack (>= 1.0)
    sinatra (1.4.4)
      rack (~> 1.4)
      rack-protection (~> 1.4)
      tilt (~> 1.3, >= 1.3.4)
    sinatra-linkeddata (1.0.0)
      rack-linkeddata (>= 1.0)
      sinatra (>= 1.3.3)
    sparql (1.1.0)
      builder (>= 3.0)
      ebnf (>= 0.3.0)
      json (>= 1.7)
      rdf (>= 1.0.7)
      rdf-aggregate-repo
      rdf-xsd (>= 1.0.2)
      sparql-client (>= 1.0.3)
      sxp (>= 0.1.3)
    sparql-client (1.0.4.1)
      json_pure (>= 1.4)
      net-http-persistent (>= 1.4)
      rdf (>= 1.0)
    sxp (0.1.3)
      json (>= 1.1.1)
    tilt (1.4.1)
    wirble (0.1.3)
    yard (0.8.7.2)

PLATFORMS
  ruby

DEPENDENCIES
  debugger
  linter!
  rack-test (>= 0.6.2)
  rake
  rdf!
  rspec (>= 2.14.0)
  shotgun (>= 0.9)
  sparql
  wirble
  yard (>= 0.8.7)
