GIT
  remote: git://github.com/dougbarth/jsonlint.git
  revision: 4d115ed07fb9ddbaa3716cfc70d1754785c3ce70
  specs:
    jsonlint (0.2.0)
      oj (~> 2)
      trollop (~> 2)

GIT
  remote: git://github.com/ruby-rdf/json-ld-preloaded.git
  revision: 851ebc6eb4f531347775a7ca29fd0036a19b3774
  branch: develop
  specs:
    json-ld-preloaded (0.0.1)
      json-ld (~> 2.0, >= 2.0.1)
      multi_json (~> 1.11)
      rdf (~> 2.0)

GIT
  remote: git://github.com/ruby-rdf/json-ld.git
  revision: 1663d106a92996d4eba1cbf52f7377cd7816e9f7
  branch: develop
  specs:
    json-ld (2.1.0)
      multi_json (~> 1.11)
      rdf (~> 2.1)

GIT
  remote: git://github.com/ruby-rdf/rdf-microdata.git
  revision: d087ef2e40bad724c4b95ce4ae40e46db3edf016
  branch: develop
  specs:
    rdf-microdata (2.0.3)
      htmlentities (~> 4.3)
      nokogiri (~> 1.6)
      rdf (~> 2.0)
      rdf-xsd (~> 2.0)

GIT
  remote: git://github.com/ruby-rdf/rdf-rdfa.git
  revision: 82b87ce72e0c0dc257ab033e1c69c7f0fb4d8b63
  branch: develop
  specs:
    rdf-rdfa (2.0.1)
      haml (~> 4.0)
      htmlentities (~> 4.3)
      rdf (~> 2.0)
      rdf-aggregate-repo (~> 2.0)
      rdf-xsd (~> 2.0)

GIT
  remote: git://github.com/ruby-rdf/rdf-reasoner.git
  revision: 7da646f503af0a582781f1348059a75ac646402c
  branch: develop
  specs:
    rdf-reasoner (0.4.0)
      rdf (~> 2.0)
      rdf-vocab (~> 2.0)
      rdf-xsd (~> 2.0)

GIT
  remote: git://github.com/ruby-rdf/rdf-turtle.git
  revision: 15c333263ad51abedb49cf40c0884f25a805c891
  branch: develop
  specs:
    rdf-turtle (2.0.0)
      ebnf (~> 1.0, >= 1.0.1)
      rdf (~> 2.0)

GIT
  remote: git://github.com/ruby-rdf/rdf-vocab.git
  revision: 1d623971734a59e61cae69a7e97988c2ab835ee6
  branch: develop
  specs:
    rdf-vocab (2.1.0)
      rdf (~> 2.1)

GIT
  remote: git://github.com/ruby-rdf/rdf.git
  revision: f47ccd0df3d745e230c6f6f65ba761ed23af41dd
  branch: develop
  specs:
    rdf (2.1.0)
      hamster (~> 3.0)
      link_header (~> 0.0, >= 0.0.8)

PATH
  remote: .
  specs:
    linter (2.3.5)
      activesupport (~> 4.0)
      equivalent-xml
      erubis (~> 2.7)
      haml (~> 4.0)
      linkeddata (~> 2.0)
      nokogiri (~> 1.6)
      puma (~> 3.6)
      rack (~> 1.6)
      rack-cache (~> 1.6)
      rack-contrib (~> 1.4)
      rdf-reasoner (~> 0.4)
      rdf-vocab (~> 2.0)
      sinatra (~> 1.4)
      sinatra-assetpack (~> 0.3.3)
      sinatra-linkeddata (~> 2.0)

GEM
  remote: https://rubygems.org/
  specs:
    activesupport (4.2.7.1)
      i18n (~> 0.7)
      json (~> 1.7, >= 1.7.7)
      minitest (~> 5.1)
      thread_safe (~> 0.3, >= 0.3.4)
      tzinfo (~> 1.1)
    addressable (2.4.0)
    bcp47 (0.3.3)
      i18n
    better_errors (2.1.1)
      coderay (>= 1.0.0)
      erubis (>= 2.6.6)
      rack (>= 0.9.0)
    binding_of_caller (0.7.2)
      debug_inspector (>= 0.0.1)
    builder (3.2.2)
    byebug (9.0.5)
    coderay (1.1.1)
    concurrent-ruby (1.0.2)
    debug_inspector (0.0.2)
    diff-lcs (1.2.5)
    docile (1.1.5)
    ebnf (1.0.1)
      rdf (~> 2.0)
      sxp (~> 1.0)
    equivalent-xml (0.6.0)
      nokogiri (>= 1.4.3)
    erubis (2.7.0)
    foreman (0.82.0)
      thor (~> 0.19.1)
    git-version-bump (0.15.1)
    haml (4.0.7)
      tilt
    hamster (3.0.0)
      concurrent-ruby (~> 1.0)
    htmlentities (4.3.4)
    i18n (0.7.0)
    jsmin (1.0.1)
    json (1.8.3)
    ld-patch (0.3.0)
      ebnf (~> 1.0, >= 1.0.1)
      rdf (~> 2.0)
      rdf-xsd (~> 2.0)
      sparql (~> 2.0)
      sxp (~> 1.0)
    link_header (0.0.8)
    linkeddata (2.0.0)
      equivalent-xml (~> 0.6)
      json-ld (~> 2.0)
      ld-patch (~> 0.3)
      nokogiri (~> 1.6)
      rdf (~> 2.0)
      rdf-aggregate-repo (~> 2.0)
      rdf-isomorphic (~> 2.0)
      rdf-json (~> 2.0)
      rdf-microdata (~> 2.0)
      rdf-n3 (~> 2.0)
      rdf-rdfa (~> 2.0)
      rdf-rdfxml (~> 2.0)
      rdf-reasoner (~> 0.4)
      rdf-tabular (~> 0.4)
      rdf-trig (~> 2.0)
      rdf-trix (~> 2.0)
      rdf-turtle (~> 2.0)
      rdf-vocab (~> 2.0)
      rdf-xsd (~> 2.0)
      sparql (~> 2.0)
      sparql-client (~> 2.0)
    mini_portile2 (2.1.0)
    minitest (5.9.0)
    multi_json (1.12.1)
    net-http-persistent (2.9.4)
    nokogiri (1.6.8)
      mini_portile2 (~> 2.1.0)
      pkg-config (~> 1.1.7)
    oj (2.17.3)
    pkg-config (1.1.7)
    puma (3.6.0)
    rack (1.6.4)
    rack-cache (1.6.1)
      rack (>= 0.4)
    rack-contrib (1.4.0)
      git-version-bump (~> 0.15)
      rack (~> 1.4)
    rack-linkeddata (2.0.0)
      linkeddata (~> 2.0)
      rack (~> 1.6)
    rack-protection (1.5.3)
      rack
    rack-test (0.6.3)
      rack (>= 1.0)
    rake (11.2.2)
    rdf-aggregate-repo (2.0.0)
      rdf (~> 2.0)
    rdf-isomorphic (2.0.0)
      rdf (~> 2.0)
    rdf-json (2.0.0)
      rdf (~> 2.0)
    rdf-n3 (2.0.0)
      rdf (~> 2.0)
    rdf-rdfxml (2.0.0)
      htmlentities (~> 4.3)
      rdf (~> 2.0)
      rdf-rdfa (~> 2.0)
      rdf-xsd (~> 2.0)
    rdf-tabular (0.4.0)
      addressable (~> 2.3)
      bcp47 (~> 0.3, >= 0.3.3)
      json-ld (~> 2.0)
      rdf (~> 2.0)
      rdf-vocab (~> 2.0)
      rdf-xsd (~> 2.0)
    rdf-trig (2.0.0)
      ebnf (~> 1.0, >= 1.0.1)
      rdf (~> 2.0)
      rdf-turtle (~> 2.0)
    rdf-trix (2.0.0)
      rdf (~> 2.0)
    rdf-xsd (2.0.0)
      rdf (~> 2.0)
    rspec (3.5.0)
      rspec-core (~> 3.5.0)
      rspec-expectations (~> 3.5.0)
      rspec-mocks (~> 3.5.0)
    rspec-core (3.5.2)
      rspec-support (~> 3.5.0)
    rspec-expectations (3.5.0)
      diff-lcs (>= 1.2.0, < 2.0)
      rspec-support (~> 3.5.0)
    rspec-its (1.2.0)
      rspec-core (>= 3.0.0)
      rspec-expectations (>= 3.0.0)
    rspec-mocks (3.5.0)
      diff-lcs (>= 1.2.0, < 2.0)
      rspec-support (~> 3.5.0)
    rspec-support (3.5.0)
    shotgun (0.9.1)
      rack (>= 1.0)
    simplecov (0.12.0)
      docile (~> 1.1.0)
      json (>= 1.8, < 3)
      simplecov-html (~> 0.10.0)
    simplecov-html (0.10.0)
    sinatra (1.4.7)
      rack (~> 1.5)
      rack-protection (~> 1.4)
      tilt (>= 1.3, < 3)
    sinatra-assetpack (0.3.5)
      jsmin
      rack-test
      sinatra
      tilt (>= 1.3.0, < 2.0)
    sinatra-linkeddata (2.0.0)
      rack-linkeddata (~> 2.0.0)
      sinatra (~> 1.4)
    sparql (2.0.0)
      builder (~> 3.2)
      ebnf (~> 1.0, >= 1.0.1)
      rdf (~> 2.0)
      rdf-aggregate-repo (~> 2.0)
      rdf-xsd (~> 2.0)
      sparql-client (~> 2.0)
      sxp (~> 1.0)
    sparql-client (2.0.1)
      net-http-persistent (~> 2.9)
      rdf (~> 2.0)
    sxp (1.0.0)
      rdf (~> 2.0)
    syntax (1.2.1)
    thor (0.19.1)
    thread_safe (0.3.5)
    tilt (1.4.1)
    trollop (2.1.2)
    tzinfo (1.2.2)
      thread_safe (~> 0.1)
    yard (0.9.5)

PLATFORMS
  ruby

DEPENDENCIES
  better_errors
  binding_of_caller
  byebug
  foreman
  json-ld!
  json-ld-preloaded!
  jsonlint!
  linter!
  rack-test (~> 0.6)
  rake
  rdf!
  rdf-microdata!
  rdf-rdfa!
  rdf-reasoner!
  rdf-turtle!
  rdf-vocab!
  rspec (~> 3.5)
  rspec-its (~> 1.2)
  shotgun (~> 0.9)
  simplecov
  syntax
  yard (~> 0.9)

RUBY VERSION
   ruby 2.3.1p112

BUNDLED WITH
   1.12.5
