GIT
  remote: git://github.com/dougbarth/jsonlint.git
  revision: 82cfd44c6e49ce42d7bfa411e1a84466cd02e37b
  specs:
    jsonlint (0.1.0)
      oj (~> 2)
      trollop (~> 2)

GIT
  remote: git://github.com/ruby-rdf/json-ld.git
  revision: 7268b4aac7345419e979702fffbf449f4b7a9e0d
  branch: develop
  specs:
    json-ld (2.0.0.1)
      multi_json (~> 1.11)
      rdf (~> 2.0)

GIT
  remote: git://github.com/ruby-rdf/rdf-microdata.git
  revision: a946c8fa4a526d82f303d9e8ed51c4a14ac3b2b5
  branch: develop
  specs:
    rdf-microdata (2.0.3)
      htmlentities (~> 4.3)
      nokogiri (~> 1.6)
      rdf (~> 2.0)
      rdf-xsd (~> 2.0)

GIT
  remote: git://github.com/ruby-rdf/rdf-rdfa.git
  revision: adbdcbc5a22a3e4e1bc04f9d56e77440d28b7d54
  branch: develop
  specs:
    rdf-rdfa (2.0.1)
      haml (~> 4.0)
      htmlentities (~> 4.3)
      rdf (~> 2.0)
      rdf-aggregate-repo (~> 2.0)
      rdf-xsd (~> 2.0)

GIT
  remote: git://github.com/ruby-rdf/rdf-reasoner.git
  revision: 5b53c73e3e2188f9704a32ab6e89cbb21245e8c5
  branch: develop
  specs:
    rdf-reasoner (0.4.0)
      rdf (~> 2.0)
      rdf-spec (~> 2.0)
      rdf-vocab (~> 2.0)
      rdf-xsd (~> 2.0)

GIT
  remote: git://github.com/ruby-rdf/rdf-turtle.git
  revision: 7f542a3d435fd3abc6b9e27cfab7961b542436cf
  branch: develop
  specs:
    rdf-turtle (2.0.0)
      ebnf (~> 1.0, >= 1.0.1)
      rdf (~> 2.0)

GIT
  remote: git://github.com/ruby-rdf/rdf-vocab.git
  revision: c070a006404807cc4f74358e2b726e714474f2ca
  branch: develop
  specs:
    rdf-vocab (2.0.2)
      rdf (~> 2.0)

GIT
  remote: git://github.com/ruby-rdf/rdf.git
  revision: fbcda91c8cca85771220c0d082cc66ee23e86f5a
  branch: develop
  specs:
    rdf (2.0.2)
      hamster (~> 3.0)
      link_header (~> 0.0, >= 0.0.8)

PATH
  remote: .
  specs:
    linter (2.3.3)
      activesupport (~> 4.0)
      equivalent-xml
      erubis (~> 2.7)
      haml (~> 4.0)
      linkeddata (~> 2.0)
      nokogiri (~> 1.6)
      rack (~> 1.6)
      rack-cache (~> 1.6)
      rack-contrib (~> 1.4)
      rdf-reasoner (~> 0.4)
      rdf-vocab (~> 2.0)
      rest-client
      rest-client-components
      sinatra (~> 1.4)
      sinatra-assetpack (~> 0.3.3)
      sinatra-linkeddata (~> 2.0)
      unicorn (~> 5.1)

GEM
  remote: https://rubygems.org/
  specs:
    activesupport (4.2.6)
      i18n (~> 0.7)
      json (~> 1.7, >= 1.7.7)
      minitest (~> 5.1)
      thread_safe (~> 0.3, >= 0.3.4)
      tzinfo (~> 1.1)
    addressable (2.4.0)
    bcp47 (0.3.3)
      i18n
    better_errors (2.1.1)
      coderay (>= 1.0.0)
      erubis (>= 2.6.6)
      rack (>= 0.9.0)
    binding_of_caller (0.7.2)
      debug_inspector (>= 0.0.1)
    builder (3.2.2)
    byebug (9.0.5)
    coderay (1.1.1)
    concurrent-ruby (1.0.2)
    crack (0.4.3)
      safe_yaml (~> 1.0.0)
    debug_inspector (0.0.2)
    diff-lcs (1.2.5)
    docile (1.1.5)
    domain_name (0.5.20160615)
      unf (>= 0.0.5, < 1.0.0)
    ebnf (1.0.1)
      rdf (~> 2.0)
      sxp (~> 1.0)
    equivalent-xml (0.6.0)
      nokogiri (>= 1.4.3)
    erubis (2.7.0)
    git-version-bump (0.15.1)
    haml (4.0.7)
      tilt
    hamster (3.0.0)
      concurrent-ruby (~> 1.0)
    hashdiff (0.3.0)
    htmlentities (4.3.4)
    http-cookie (1.0.2)
      domain_name (~> 0.5)
    i18n (0.7.0)
    jsmin (1.0.1)
    json (1.8.3)
    kgio (2.10.0)
    ld-patch (0.3.0)
      ebnf (~> 1.0, >= 1.0.1)
      rdf (~> 2.0)
      rdf-xsd (~> 2.0)
      sparql (~> 2.0)
      sxp (~> 1.0)
    link_header (0.0.8)
    linkeddata (2.0.0)
      equivalent-xml (~> 0.6)
      json-ld (~> 2.0)
      ld-patch (~> 0.3)
      nokogiri (~> 1.6)
      rdf (~> 2.0)
      rdf-aggregate-repo (~> 2.0)
      rdf-isomorphic (~> 2.0)
      rdf-json (~> 2.0)
      rdf-microdata (~> 2.0)
      rdf-n3 (~> 2.0)
      rdf-rdfa (~> 2.0)
      rdf-rdfxml (~> 2.0)
      rdf-reasoner (~> 0.4)
      rdf-tabular (~> 0.4)
      rdf-trig (~> 2.0)
      rdf-trix (~> 2.0)
      rdf-turtle (~> 2.0)
      rdf-vocab (~> 2.0)
      rdf-xsd (~> 2.0)
      sparql (~> 2.0)
      sparql-client (~> 2.0)
    mime-types (3.1)
      mime-types-data (~> 3.2015)
    mime-types-data (3.2016.0521)
    mini_portile2 (2.1.0)
    minitest (5.9.0)
    multi_json (1.12.1)
    net-http-persistent (2.9.4)
    netrc (0.11.0)
    nokogiri (1.6.8)
      mini_portile2 (~> 2.1.0)
      pkg-config (~> 1.1.7)
    oj (2.17.1)
    pkg-config (1.1.7)
    rack (1.6.4)
    rack-cache (1.6.1)
      rack (>= 0.4)
    rack-contrib (1.4.0)
      git-version-bump (~> 0.15)
      rack (~> 1.4)
    rack-linkeddata (2.0.0)
      linkeddata (~> 2.0)
      rack (~> 1.6)
    rack-protection (1.5.3)
      rack
    rack-test (0.6.3)
      rack (>= 1.0)
    raindrops (0.16.0)
    rake (11.2.2)
    rdf-aggregate-repo (2.0.0)
      rdf (~> 2.0)
    rdf-isomorphic (2.0.0)
      rdf (~> 2.0)
    rdf-json (2.0.0)
      rdf (~> 2.0)
    rdf-n3 (2.0.0)
      rdf (~> 2.0)
    rdf-rdfxml (2.0.0)
      htmlentities (~> 4.3)
      rdf (~> 2.0)
      rdf-rdfa (~> 2.0)
      rdf-xsd (~> 2.0)
    rdf-spec (2.0.0)
      rdf (~> 2.0)
      rdf-isomorphic (~> 2.0)
      rspec (~> 3.0)
      rspec-its (~> 1.0)
      webmock (~> 1.17)
    rdf-tabular (0.4.0)
      addressable (~> 2.3)
      bcp47 (~> 0.3, >= 0.3.3)
      json-ld (~> 2.0)
      rdf (~> 2.0)
      rdf-vocab (~> 2.0)
      rdf-xsd (~> 2.0)
    rdf-trig (2.0.0)
      ebnf (~> 1.0, >= 1.0.1)
      rdf (~> 2.0)
      rdf-turtle (~> 2.0)
    rdf-trix (2.0.0)
      rdf (~> 2.0)
    rdf-xsd (2.0.0)
      rdf (~> 2.0)
    rest-client (2.0.0)
      http-cookie (>= 1.0.2, < 2.0)
      mime-types (>= 1.16, < 4.0)
      netrc (~> 0.8)
    rest-client-components (1.4.0)
      rack (>= 1.0.1)
      rest-client (>= 1.6.0)
    rspec (3.5.0)
      rspec-core (~> 3.5.0)
      rspec-expectations (~> 3.5.0)
      rspec-mocks (~> 3.5.0)
    rspec-core (3.5.1)
      rspec-support (~> 3.5.0)
    rspec-expectations (3.5.0)
      diff-lcs (>= 1.2.0, < 2.0)
      rspec-support (~> 3.5.0)
    rspec-its (1.2.0)
      rspec-core (>= 3.0.0)
      rspec-expectations (>= 3.0.0)
    rspec-mocks (3.5.0)
      diff-lcs (>= 1.2.0, < 2.0)
      rspec-support (~> 3.5.0)
    rspec-support (3.5.0)
    safe_yaml (1.0.4)
    shotgun (0.9.1)
      rack (>= 1.0)
    simplecov (0.12.0)
      docile (~> 1.1.0)
      json (>= 1.8, < 3)
      simplecov-html (~> 0.10.0)
    simplecov-html (0.10.0)
    sinatra (1.4.7)
      rack (~> 1.5)
      rack-protection (~> 1.4)
      tilt (>= 1.3, < 3)
    sinatra-assetpack (0.3.5)
      jsmin
      rack-test
      sinatra
      tilt (>= 1.3.0, < 2.0)
    sinatra-linkeddata (2.0.0)
      rack-linkeddata (~> 2.0.0)
      sinatra (~> 1.4)
    sparql (2.0.0)
      builder (~> 3.2)
      ebnf (~> 1.0, >= 1.0.1)
      rdf (~> 2.0)
      rdf-aggregate-repo (~> 2.0)
      rdf-xsd (~> 2.0)
      sparql-client (~> 2.0)
      sxp (~> 1.0)
    sparql-client (2.0.1)
      net-http-persistent (~> 2.9)
      rdf (~> 2.0)
    sxp (1.0.0)
      rdf (~> 2.0)
    syntax (1.2.1)
    thread_safe (0.3.5)
    tilt (1.4.1)
    trollop (2.1.2)
    tzinfo (1.2.2)
      thread_safe (~> 0.1)
    unf (0.1.4)
      unf_ext
    unf_ext (0.0.7.2)
    unicorn (5.1.0)
      kgio (~> 2.6)
      raindrops (~> 0.7)
    webmock (1.24.6)
      addressable (>= 2.3.6)
      crack (>= 0.3.2)
      hashdiff
    wirble (0.1.3)
    yard (0.9.0)

PLATFORMS
  ruby

DEPENDENCIES
  better_errors
  binding_of_caller
  byebug
  json-ld!
  jsonlint!
  linter!
  rack-test (~> 0.6)
  rake
  rdf!
  rdf-microdata!
  rdf-rdfa!
  rdf-reasoner!
  rdf-turtle!
  rdf-vocab!
  rspec (~> 3.5)
  rspec-its (~> 1.2)
  shotgun (~> 0.9)
  simplecov
  syntax
  wirble
  yard (~> 0.9)

RUBY VERSION
   ruby 2.3.1p112

BUNDLED WITH
   1.12.5
