GIT
  remote: git://github.com/gkellogg/linkeddata.git
  revision: 79e2d7e36585594a2d3c13af1af1e4a9046e22ca
  branch: 0.4.x
  specs:
    linkeddata (0.3.2)
      rdf (>= 0.3.3)
      rdf-isomorphic (>= 0.3.1)
      rdf-json (>= 0.3.1)
      rdf-n3 (>= 0.3.3)
      rdf-rdfa (>= 0.3.3)
      rdf-rdfxml (>= 0.3.3)
      rdf-trix (>= 0.3.1)

GIT
  remote: git://github.com/gkellogg/rack-linkeddata.git
  revision: ca319da881c3bbb73d7dfdad0ec3af6aa08059f0
  branch: 0.4.x
  specs:
    rack-linkeddata (0.3.1)
      linkeddata (~> 0.3.2)
      rack (>= 1.0)

GIT
  remote: git://github.com/gkellogg/rdf-json.git
  revision: 0a4decbe783d601eff5de426a4a8cf218209a132
  branch: 0.4.x
  specs:
    rdf-json (0.3.1)
      json_pure (>= 1.5.1)
      rdf (>= 0.3.3)

GIT
  remote: git://github.com/gkellogg/rdf-trix.git
  revision: 67f84af0657160dd8d1f0d974fd554d8f47ba65a
  branch: 0.4.x
  specs:
    rdf-trix (0.3.1)
      rdf (>= 0.3.3)

GIT
  remote: git://github.com/gkellogg/rdf.git
  revision: f7bf3fbb7bf9dba939db1c7fbedb7930fa63ba80
  branch: type-check-mixin
  specs:
    rdf (0.4.0)
      addressable (= 2.2.4)

GIT
  remote: git://github.com/gkellogg/sinatra-linkeddata.git
  revision: a2d77588c12554b2ba4ee00d236cef72aad6bb88
  branch: 0.4.x
  specs:
    sinatra-linkeddata (0.3.1)
      rack-linkeddata (>= 0.3.1)
      sinatra (>= 1.0)

GEM
  remote: http://rubygems.org/
  specs:
    addressable (2.2.4)
    diff-lcs (1.1.2)
    erubis (2.7.0)
    haml (3.1.2)
    json (1.5.3)
    json-ld (0.0.6)
      json (>= 1.5.1)
      rdf (>= 0.3.3)
    json_pure (1.5.3)
    nokogiri (1.4.6)
    rack (1.3.0)
    rdf-isomorphic (0.3.4)
      rdf (>= 0.2.3)
    rdf-microdata (0.1.0)
      nokogiri (>= 1.4.4)
      rdf (>= 0.3.3)
    rdf-n3 (0.3.3.1)
      rdf (>= 0.3.3)
    rdf-rdfa (0.3.4)
      addressable (= 2.2.4)
      haml (>= 3.0.0)
      haml (>= 3.0.0)
      nokogiri (>= 1.3.3)
      nokogiri (>= 1.4.4)
      rdf
      rdf (>= 0.3.3)
    rdf-rdfxml (0.3.3.1)
      nokogiri (>= 1.4.4)
      rdf (>= 0.3.3)
    rspec (2.6.0)
      rspec-core (~> 2.6.0)
      rspec-expectations (~> 2.6.0)
      rspec-mocks (~> 2.6.0)
    rspec-core (2.6.4)
    rspec-expectations (2.6.0)
      diff-lcs (~> 1.1.2)
    rspec-mocks (2.6.0)
    shotgun (0.9)
      rack (>= 1.0)
    sinatra (1.2.6)
      rack (~> 1.1)
      tilt (< 2.0, >= 1.2.2)
    tilt (1.3.2)

PLATFORMS
  ruby

DEPENDENCIES
  addressable (= 2.2.4)
  erubis (>= 2.6.6)
  haml (>= 3.0.0)
  json-ld (>= 0.0.5)
  linkeddata!
  rack-linkeddata!
  rdf!
  rdf-json!
  rdf-microdata (>= 0.1.0)
  rdf-n3 (>= 0.3.3)
  rdf-rdfa (>= 0.3.3)
  rdf-rdfxml (>= 0.3.3)
  rdf-trix!
  rspec
  shotgun
  sinatra (>= 1.2.1)
  sinatra-linkeddata!
