GIT
  remote: https://github.com/amatriain/rest-client-components
  revision: 236ac31ed1a061d479332ff179bf78fcb11edb74
  branch: rest-client-2-compatibility
  specs:
    rest-client-components (1.4.0)
      rack (>= 1.0.1)
      rest-client (>= 1.6.0)

GIT
  remote: https://github.com/dougbarth/jsonlint
  revision: f817a0b401748d500a833b08f7ab160c4c13b9c1
  specs:
    jsonlint (0.3.0)
      oj (~> 3)
      optimist (~> 3)

GIT
  remote: https://github.com/dryruby/ebnf
  revision: ecac5a90c432eda80a2cbc2225a07ad2b2b976b7
  branch: develop
  specs:
    ebnf (2.0.0)
      rdf (~> 3.1)
      scanf (~> 1.0)
      sxp (~> 1.1)

GIT
  remote: https://github.com/ruby-rdf/json-ld
  revision: f62940d9d1d1a99fc20351d9179c379ffd53494a
  branch: develop
  specs:
    json-ld (3.1.4)
      htmlentities (~> 4.3)
      json-canonicalization (~> 0.2)
      link_header (~> 0.0, >= 0.0.8)
      multi_json (~> 1.14)
      rack (~> 2.0)
      rdf (~> 3.1)

GIT
  remote: https://github.com/ruby-rdf/json-ld-preloaded
  revision: 7cc3c023158a36b808073da5ba9695d0b70a20af
  branch: develop
  specs:
    json-ld-preloaded (3.1.3)
      json-ld (~> 3.1)
      rdf (~> 3.1)

GIT
  remote: https://github.com/ruby-rdf/rack-rdf
  revision: 6198a209af73c03bf8abc28598c266e13e10609e
  branch: develop
  specs:
    rack-rdf (3.1.0)
      rack (~> 2.1)
      rdf (~> 3.1)

GIT
  remote: https://github.com/ruby-rdf/rdf
  revision: 2394451de335812376032ccb9ccad479b99a6856
  branch: develop
  specs:
    rdf (3.1.4)
      hamster (~> 3.0)
      link_header (~> 0.0, >= 0.0.8)

GIT
  remote: https://github.com/ruby-rdf/rdf-microdata
  revision: dc74bc4243a9dd73ad4539613891269cfecee9e1
  branch: develop
  specs:
    rdf-microdata (3.1.1)
      htmlentities (~> 4.3)
      nokogiri (~> 1.10)
      rdf (~> 3.1)
      rdf-xsd (~> 3.1)

GIT
  remote: https://github.com/ruby-rdf/rdf-rdfa
  revision: 2a44cc21d5f3372e630655f75ff539c9c2ba39ef
  branch: develop
  specs:
    rdf-rdfa (3.1.2)
      haml (~> 5.1)
      htmlentities (~> 4.3)
      rdf (~> 3.1, >= 3.1.2)
      rdf-aggregate-repo (~> 3.1)
      rdf-vocab (~> 3.1, >= 3.1.5)
      rdf-xsd (~> 3.1)

GIT
  remote: https://github.com/ruby-rdf/rdf-rdfxml
  revision: 40cd73cb5aba87d6918a5ce387cb9e92d90e92cd
  branch: develop
  specs:
    rdf-rdfxml (3.1.0)
      htmlentities (~> 4.3)
      rdf (~> 3.1)
      rdf-rdfa (~> 3.1)
      rdf-xsd (~> 3.1)

GIT
  remote: https://github.com/ruby-rdf/rdf-reasoner
  revision: f318f605cd749ac6ca082f24d1be12ebc1275b6a
  branch: develop
  specs:
    rdf-reasoner (0.6.2)
      rdf (~> 3.1, >= 3.1.2)
      rdf-vocab (~> 3.1, >= 3.1.5)
      rdf-xsd (~> 3.1)

GIT
  remote: https://github.com/ruby-rdf/rdf-spec
  revision: bb8845b27eb4cfc9ecf0ab3322f5d14c16c24ce4
  branch: develop
  specs:
    rdf-spec (3.1.0)
      awesome_print (~> 1.8)
      rdf (~> 3.1)
      rdf-isomorphic (~> 3.1)
      rspec (~> 3.9)
      rspec-its (~> 1.3)
      webmock (~> 3.7)

GIT
  remote: https://github.com/ruby-rdf/rdf-turtle
  revision: 4609fcd182a525b49924095baf24048332d8366f
  branch: develop
  specs:
    rdf-turtle (3.1.1)
      ebnf (~> 2.0)
      rdf (~> 3.1, >= 3.1.2)

GIT
  remote: https://github.com/ruby-rdf/rdf-vocab
  revision: 513baa0ebeb2f0ce7284147e451d41ce79dce01b
  branch: develop
  specs:
    rdf-vocab (3.1.7)
      rdf (~> 3.1, >= 3.1.2)

GIT
  remote: https://github.com/ruby-rdf/rdf-xsd
  revision: 5db1bec0a9b8db300fd52b63172ce6a51128ea95
  branch: develop
  specs:
    rdf-xsd (3.1.0)
      rdf (~> 3.1)

GIT
  remote: https://github.com/ruby-rdf/sinatra-rdf
  revision: b75d44682fd96af2513603aae5690958f1b0b234
  branch: develop
  specs:
    sinatra-rdf (3.1.0)
      rack-rdf (~> 3.1)
      sinatra (~> 2.0)

PATH
  remote: .
  specs:
    linter (3.8.3)
      activesupport (~> 5.0)
      equivalent-xml
      erubis (~> 2.7)
      haml (~> 5.1)
      json-ld (~> 3.1)
      json-ld-preloaded (~> 3.1)
      nokogiri (~> 1.10)
      nokogumbo (~> 2.0)
      puma (~> 4.3)
      rack-cache (~> 1.11)
      rdf-microdata (~> 3.1)
      rdf-rdfa (~> 3.1)
      rdf-rdfxml (~> 3.1)
      rdf-reasoner (~> 0.6)
      rdf-turtle (~> 3.1)
      rdf-vocab (~> 3.1)
      rdf-xsd (~> 3.1)
      sass (~> 3.7)
      sinatra (~> 2.0)
      sinatra-asset-pipeline (~> 2.2)
      sinatra-rdf (~> 3.1)
      sprockets-helpers (~> 1.2)
      uglifier (~> 4.2)

GEM
  remote: http://rubygems.org/
  specs:
    activesupport (5.2.4.3)
      concurrent-ruby (~> 1.0, >= 1.0.2)
      i18n (>= 0.7, < 2)
      minitest (~> 5.1)
      tzinfo (~> 1.1)
    addressable (2.7.0)
      public_suffix (>= 2.0.2, < 5.0)
    awesome_print (1.8.0)
    better_errors (2.7.1)
      coderay (>= 1.0.0)
      erubi (>= 1.0.0)
      rack (>= 0.9.0)
    binding_of_caller (0.8.0)
      debug_inspector (>= 0.0.1)
    byebug (11.1.3)
    coderay (1.1.3)
    coffee-script (2.4.1)
      coffee-script-source
      execjs
    coffee-script-source (1.12.2)
    concurrent-ruby (1.1.6)
    crack (0.4.3)
      safe_yaml (~> 1.0.0)
    debug_inspector (0.0.3)
    diff-lcs (1.4.4)
    docile (1.3.2)
    domain_name (0.5.20190701)
      unf (>= 0.0.5, < 1.0.0)
    equivalent-xml (0.6.0)
      nokogiri (>= 1.4.3)
    erubi (1.9.0)
    erubis (2.7.0)
    execjs (2.7.0)
    ffi (1.13.1)
    foreman (0.87.1)
    haml (5.1.2)
      temple (>= 0.8.0)
      tilt
    hamster (3.0.0)
      concurrent-ruby (~> 1.0)
    hashdiff (1.0.1)
    htmlentities (4.3.4)
    http-accept (1.7.0)
    http-cookie (1.0.3)
      domain_name (~> 0.5)
    i18n (1.8.3)
      concurrent-ruby (~> 1.0)
    json-canonicalization (0.2.0)
    link_header (0.0.8)
    mime-types (3.3.1)
      mime-types-data (~> 3.2015)
    mime-types-data (3.2020.0512)
    mini_portile2 (2.4.0)
    minitest (5.14.1)
    multi_json (1.15.0)
    mustermann (1.1.1)
      ruby2_keywords (~> 0.0.1)
    netrc (0.11.0)
    nio4r (2.5.2)
    nokogiri (1.10.10)
      mini_portile2 (~> 2.4.0)
    nokogumbo (2.0.2)
      nokogiri (~> 1.8, >= 1.8.4)
    oj (3.10.6)
    optimist (3.0.1)
    public_suffix (4.0.5)
    puma (4.3.5)
      nio4r (~> 2.0)
    rack (2.2.3)
    rack-cache (1.12.0)
      rack (>= 0.4)
    rack-protection (2.0.8.1)
      rack
    rack-test (1.1.0)
      rack (>= 1.0, < 3)
    rake (12.3.3)
    rb-fsevent (0.10.4)
    rb-inotify (0.10.1)
      ffi (~> 1.0)
    rdf-aggregate-repo (3.1.0)
      rdf (~> 3.1)
    rdf-isomorphic (3.1.0)
      rdf (~> 3.1)
    rest-client (2.1.0)
      http-accept (>= 1.7.0, < 2.0)
      http-cookie (>= 1.0.2, < 2.0)
      mime-types (>= 1.16, < 4.0)
      netrc (~> 0.8)
    rspec (3.9.0)
      rspec-core (~> 3.9.0)
      rspec-expectations (~> 3.9.0)
      rspec-mocks (~> 3.9.0)
    rspec-core (3.9.2)
      rspec-support (~> 3.9.3)
    rspec-expectations (3.9.2)
      diff-lcs (>= 1.2.0, < 2.0)
      rspec-support (~> 3.9.0)
    rspec-its (1.3.0)
      rspec-core (>= 3.0.0)
      rspec-expectations (>= 3.0.0)
    rspec-mocks (3.9.1)
      diff-lcs (>= 1.2.0, < 2.0)
      rspec-support (~> 3.9.0)
    rspec-support (3.9.3)
    ruby2_keywords (0.0.2)
    safe_yaml (1.0.5)
    sass (3.7.4)
      sass-listen (~> 4.0.0)
    sass-listen (4.0.0)
      rb-fsevent (~> 0.9, >= 0.9.4)
      rb-inotify (~> 0.9, >= 0.9.7)
    scanf (1.0.0)
    shotgun (0.9.2)
      rack (>= 1.0)
    simplecov (0.18.5)
      docile (~> 1.1)
      simplecov-html (~> 0.11)
    simplecov-html (0.12.2)
    sinatra (2.0.8.1)
      mustermann (~> 1.0)
      rack (~> 2.0)
      rack-protection (= 2.0.8.1)
      tilt (~> 2.0)
    sinatra-asset-pipeline (2.2.0)
      coffee-script (~> 2.4)
      rake (~> 12.3)
      sass (~> 3.5)
      sinatra (~> 2.0)
      sprockets (~> 3.7)
      sprockets-helpers (~> 1.2)
    sprockets (3.7.2)
      concurrent-ruby (~> 1.0)
      rack (> 1, < 3)
    sprockets-helpers (1.3.0)
      sprockets (>= 2.2)
    sxp (1.1.0)
      rdf (~> 3.1)
    syntax (1.2.2)
    temple (0.8.2)
    thread_safe (0.3.6)
    tilt (2.0.10)
    tzinfo (1.2.7)
      thread_safe (~> 0.1)
    uglifier (4.2.0)
      execjs (>= 0.3.0, < 3)
    unf (0.1.4)
      unf_ext
    unf_ext (0.0.7.7)
    webmock (3.8.3)
      addressable (>= 2.3.6)
      crack (>= 0.3.2)
      hashdiff (>= 0.4.0, < 2.0.0)
    yard (0.9.25)

PLATFORMS
  ruby

DEPENDENCIES
  better_errors
  binding_of_caller
  byebug
  ebnf!
  foreman
  json-ld!
  json-ld-preloaded!
  jsonlint!
  linter!
  rack-rdf!
  rack-test (~> 1.1)
  rake
  rdf!
  rdf-microdata!
  rdf-rdfa!
  rdf-rdfxml!
  rdf-reasoner!
  rdf-spec!
  rdf-turtle!
  rdf-vocab!
  rdf-xsd!
  rest-client-components!
  rspec (~> 3.9)
  rspec-its (~> 1.3)
  shotgun
  simplecov
  sinatra-rdf!
  syntax
  yard (~> 0.9, >= 0.9.24)

RUBY VERSION
   ruby 2.7.1p83

BUNDLED WITH
   2.1.4
