GIT
  remote: git://github.com/gkellogg/rack-linkeddata.git
  revision: 1a46f2d2c8fa07cada743653b3c9a41b11895037
  specs:
    rack-linkeddata (0.3.1)
      linkeddata (~> 0.3.2)
      rack (>= 1.0)

GIT
  remote: git://github.com/gkellogg/rdf-microdata.git
  revision: 657be7cf737dbc706c6c48438dc9ccab47925689
  specs:
    rdf-microdata (0.2.3.1)
      htmlentities (>= 4.3.0)
      json (>= 1.6.1)
      rdf (>= 0.3.4)
      rdf-xsd (>= 0.3.4)

GIT
  remote: git://github.com/gkellogg/rdf-rdfa.git
  revision: 588d3e4478321995cc5fa19575e755e67bc623b3
  specs:
    rdf-rdfa (0.3.10.1)
      haml (>= 3.0.0)
      htmlentities (>= 4.3.0)
      rdf (>= 0.3.3)
      rdf-xsd (>= 0.3.5)

GIT
  remote: git://github.com/gkellogg/sinatra-linkeddata.git
  revision: 8cb7de2119c1ed056f1632a874842cd65a31b6bf
  specs:
    sinatra-linkeddata (0.3.1)
      rack-linkeddata (>= 0.3.1)
      sinatra (>= 1.0)

PATH
  remote: .
  specs:
    linter (0.0.2)
      equivalent-xml
      erubis (>= 2.7.0)
      facets (>= 2.9.1)
      haml (>= 3.0.0)
      json (>= 1.6.5)
      nokogiri
      sinatra (>= 1.3.2)
      sinatra-linkeddata (>= 0.3.1)

GEM
  remote: http://rubygems.org/
  specs:
    addressable (2.2.7)
    diff-lcs (1.1.3)
    equivalent-xml (0.2.9)
      nokogiri (>= 1.4.3)
    erubis (2.7.0)
    facets (2.9.3)
    fastercsv (1.5.4)
    haml (3.1.4)
    htmlentities (4.3.1)
    json (1.6.6)
    json-ld (0.1.0)
      json (>= 1.5.1)
      rdf (>= 0.3.4)
    json_pure (1.6.6)
    linkeddata (0.3.5)
      json-ld (>= 0.1.0)
      rdf (>= 0.3.5)
      rdf-isomorphic (>= 0.3.4)
      rdf-json (>= 0.3.0)
      rdf-microdata (>= 0.2.3)
      rdf-n3 (>= 0.3.6)
      rdf-rdfa (>= 0.3.9)
      rdf-rdfxml (>= 0.3.5)
      rdf-trig (>= 0.1.1)
      rdf-trix (>= 0.3.0)
      rdf-turtle (>= 0.1.1)
    nokogiri (1.5.2)
    rack (1.4.1)
    rack-protection (1.2.0)
      rack
    rdf (0.3.5.2)
      addressable (>= 2.2.6)
    rdf-isomorphic (0.3.4)
      rdf (>= 0.2.3)
    rdf-json (0.3.0)
      json_pure (>= 1.4.2)
      rdf (~> 0.3.0)
    rdf-n3 (0.3.6)
      rdf (>= 0.3.4)
    rdf-rdfxml (0.3.6)
      rdf (>= 0.3.4)
      rdf-xsd (>= 0.3.5)
    rdf-trig (0.1.1)
      rdf (>= 0.3.4)
      rdf-turtle (>= 0.1.1)
    rdf-trix (0.3.0)
      rdf (~> 0.3.0)
    rdf-turtle (0.1.1)
      rdf (>= 0.3.4)
    rdf-xsd (0.3.5)
      nokogiri (>= 1.5.0)
      rdf (>= 0.3.4)
    rspec (2.9.0)
      rspec-core (~> 2.9.0)
      rspec-expectations (~> 2.9.0)
      rspec-mocks (~> 2.9.0)
    rspec-core (2.9.0)
    rspec-expectations (2.9.1)
      diff-lcs (~> 1.1.3)
    rspec-mocks (2.9.0)
    shotgun (0.9)
      rack (>= 1.0)
    sinatra (1.3.2)
      rack (~> 1.3, >= 1.3.6)
      rack-protection (~> 1.2)
      tilt (~> 1.3, >= 1.3.3)
    tilt (1.3.3)
    wirble (0.1.3)
    yard (0.7.5)

PLATFORMS
  ruby

DEPENDENCIES
  fastercsv
  linter!
  rack-linkeddata!
  rdf-microdata!
  rdf-rdfa!
  rspec
  shotgun
  sinatra-linkeddata!
  wirble
  yard (>= 0.6.7)
