GIT
  remote: git://github.com/gkellogg/json-ld.git
  revision: 7b94dc1fbc85154cfa9d9574b3edc84f8f2773ef
  specs:
    json-ld (0.0.6)
      json (>= 1.5.1)
      rdf (>= 0.3.3)

GIT
  remote: git://github.com/gkellogg/linkeddata.git
  revision: 79e2d7e36585594a2d3c13af1af1e4a9046e22ca
  branch: 0.4.x
  specs:
    linkeddata (0.3.2)
      rdf (>= 0.3.3)
      rdf-isomorphic (>= 0.3.1)
      rdf-json (>= 0.3.1)
      rdf-n3 (>= 0.3.3)
      rdf-rdfa (>= 0.3.3)
      rdf-rdfxml (>= 0.3.3)
      rdf-trix (>= 0.3.1)

GIT
  remote: git://github.com/gkellogg/rack-linkeddata.git
  revision: ca319da881c3bbb73d7dfdad0ec3af6aa08059f0
  branch: 0.4.x
  specs:
    rack-linkeddata (0.3.1)
      linkeddata (~> 0.3.2)
      rack (>= 1.0)

GIT
  remote: git://github.com/gkellogg/rdf-json.git
  revision: 0a4decbe783d601eff5de426a4a8cf218209a132
  branch: 0.4.x
  specs:
    rdf-json (0.3.1)
      json_pure (>= 1.5.1)
      rdf (>= 0.3.3)

GIT
  remote: git://github.com/gkellogg/rdf-microdata.git
  revision: e96fb83b16c2001f7ac9b525e76d8a167ba2b9ef
  specs:
    rdf-microdata (0.1.1)
      nokogiri (>= 1.4.4)
      rdf (>= 0.3.3)

GIT
  remote: git://github.com/gkellogg/rdf-n3.git
  revision: 55dbfe3cb2d1b550c6c68fed97af125b71035d73
  specs:
    rdf-n3 (0.3.4.1)
      rdf (>= 0.3.3)

GIT
  remote: git://github.com/gkellogg/rdf-rdfxml.git
  revision: 1011f4c9dfb17828a8f5b50091c8ff55d835a721
  specs:
    rdf-rdfxml (0.3.3.1)
      nokogiri (>= 1.4.4)
      rdf (>= 0.3.3)

GIT
  remote: git://github.com/gkellogg/rdf-trix.git
  revision: 67f84af0657160dd8d1f0d974fd554d8f47ba65a
  branch: 0.4.x
  specs:
    rdf-trix (0.3.1)
      rdf (>= 0.3.3)

GIT
  remote: git://github.com/gkellogg/rdf.git
  revision: f7bf3fbb7bf9dba939db1c7fbedb7930fa63ba80
  branch: type-check-mixin
  specs:
    rdf (0.4.0)
      addressable (= 2.2.4)

GIT
  remote: git://github.com/gkellogg/sinatra-linkeddata.git
  revision: a2d77588c12554b2ba4ee00d236cef72aad6bb88
  branch: 0.4.x
  specs:
    sinatra-linkeddata (0.3.1)
      rack-linkeddata (>= 0.3.1)
      sinatra (>= 1.0)

PATH
  remote: ../rdf-rdfa/
  specs:
    rdf-rdfa (0.3.4.2)
      addressable (= 2.2.4)
      facets (>= 2.9.1)
      facets (>= 2.9.1)
      haml (>= 3.0.0)
      haml (>= 3.0.0)
      nokogiri (>= 1.3.3)
      nokogiri (>= 1.4.4)
      rdf
      rdf (>= 0.3.3)

GEM
  remote: http://rubygems.org/
  specs:
    addressable (2.2.4)
    diff-lcs (1.1.2)
    erubis (2.7.0)
    facets (2.9.1)
    fastercsv (1.5.4)
    haml (3.1.2)
    json (1.5.3)
    json_pure (1.5.3)
    nokogiri (1.5.0)
    rack (1.3.1)
    rdf-isomorphic (0.3.4)
      rdf (>= 0.2.3)
    rspec (2.6.0)
      rspec-core (~> 2.6.0)
      rspec-expectations (~> 2.6.0)
      rspec-mocks (~> 2.6.0)
    rspec-core (2.6.4)
    rspec-expectations (2.6.0)
      diff-lcs (~> 1.1.2)
    rspec-mocks (2.6.0)
    shotgun (0.9)
      rack (>= 1.0)
    sinatra (1.2.6)
      rack (~> 1.1)
      tilt (>= 1.2.2, < 2.0)
    tilt (1.3.2)
    wirble (0.1.3)

PLATFORMS
  ruby

DEPENDENCIES
  addressable (= 2.2.4)
  erubis (>= 2.6.6)
  facets (>= 2.9.1)
  fastercsv
  haml (>= 3.0.0)
  json-ld!
  linkeddata!
  rack-linkeddata!
  rdf!
  rdf-json!
  rdf-microdata!
  rdf-n3!
  rdf-rdfa!
  rdf-rdfxml!
  rdf-trix!
  rspec
  shotgun
  sinatra (>= 1.2.1)
  sinatra-linkeddata!
  wirble
